GEM
  remote: https://rubygems.org/
  specs:
    htmlbeautifier (1.3.1)
    mini_portile2 (2.3.0)
    nokogiri (1.8.1)
      mini_portile2 (~> 2.3.0)

PLATFORMS
  ruby

DEPENDENCIES
  htmlbeautifier
  nokogiri

BUNDLED WITH
   1.15.1
